GEM
  remote: https://rubygems.org/
  specs:
    cgi (0.2.0)
    daemons (1.4.0)
    date (3.1.0)
    eventmachine (1.2.7)
    mustermann (1.1.1)
      ruby2_keywords (~> 0.0.1)
    nokogiri (1.11.7-x86_64-linux)
      racc (~> 1.4)
    open-uri (0.1.0)
      stringio
      time
      uri
    racc (1.5.2)
    rack (2.2.3)
    rack-protection (2.1.0)
      rack
    ruby2_keywords (0.0.4)
    sinatra (2.1.0)
      mustermann (~> 1.0)
      rack (~> 2.2)
      rack-protection (= 2.1.0)
      tilt (~> 2.0)
    stringio (3.0.0)
    thin (1.8.1)
      daemons (~> 1.0, >= 1.0.9)
      eventmachine (~> 1.0, >= 1.0.4)
      rack (>= 1, < 3)
    tilt (2.0.10)
    time (0.1.0)
      date
    uri (0.10.1)

PLATFORMS
  x86_64-linux

DEPENDENCIES
  cgi (~> 0.2.0)
  nokogiri (~> 1.11)
  open-uri (~> 0.1.0)
  sinatra (~> 2.1)
  thin (~> 1.8)

RUBY VERSION
   ruby 3.0.1p64

BUNDLED WITH
   2.2.15
